PATH
  remote: .
  specs:
    ldap2ssm (0.0.1)
      net-ldap
      builder

GEM
  remote: https://rubygems.org/
  specs:
    net-ldap (0.3.1)
    builder (3.0.0)

PLATFORMS
  ruby

