PATH
  remote: .
  specs:
    ruby_ldap (0.0.1)
      net-ldap

GEM
  remote: https://rubygems.org/
  specs:
    net-ldap (0.3.1)

PLATFORMS
  ruby

DEPENDENCIES
  ldap2ssm!
